PATH
  remote: .
  specs:
    nsf (0.0.10)
      clbustos-rtf (>= 0.1.0)
      nokogiri (>= 1.4.4)
      prawn (>= 0.0.0)
      ruby-rtf (>= 0.0.0)

GEM
  remote: http://rubygems.org/
  specs:
    Ascii85 (1.0.2)
    afm (0.2.0)
    clbustos-rtf (0.5.0)
    hashery (2.1.1)
    mini_portile (0.5.1)
    nokogiri (1.6.0)
      mini_portile (~> 0.5.0)
    pdf-reader (1.3.3)
      Ascii85 (~> 1.0.0)
      afm (~> 0.2.0)
      hashery (~> 2.0)
      ruby-rc4
      ttfunk
    prawn (0.12.0)
      pdf-reader (>= 0.9.0)
      ttfunk (~> 1.0.2)
    ruby-rc4 (0.1.5)
    ruby-rtf (0.0.1)
    ttfunk (1.0.3)

PLATFORMS
  ruby

DEPENDENCIES
  bundler (>= 1.0.0)
  nsf!
